GEM
  remote: https://rubygems.org/
  specs:
    addressable (2.8.4)
      public_suffix (>= 2.0.2, < 6.0)
    ansi (1.5.0)
    ast (2.4.2)
    bcrypt_pbkdf (1.1.0)
    beaker (4.40.1)
      beaker-hostgenerator
      ed25519 (~> 1.0)
      hocon (~> 1.0)
      in-parallel (>= 0.1, < 2)
      inifile (~> 3.0)
      minitar (~> 0.6)
      minitest (~> 5.4)
      net-scp (>= 1.2, < 5.0)
      net-ssh (>= 5.0)
      rexml
      rsync (~> 1.0.9)
      stringify-hash (~> 0.0)
      thor (>= 1.0.1, < 2.0)
    beaker-docker (1.5.0)
      beaker (>= 4.34)
      docker-api (~> 2.1)
      stringify-hash (~> 0.0.0)
    beaker-hostgenerator (2.2.0)
      deep_merge (~> 1.0)
    beaker-puppet (1.29.0)
      beaker (~> 4.1)
      in-parallel (~> 0.1)
      oga
    beaker-rspec (7.1.0)
      beaker (> 3.0)
      rspec (~> 3.0)
      serverspec (~> 2)
      specinfra (~> 2)
    beaker-vagrant (1.2.0)
      beaker (>= 4, < 6)
    byebug (11.1.3)
    childprocess (4.0.0)
    coderay (1.1.3)
    colored2 (3.1.2)
    concurrent-ruby (1.1.10)
    cri (2.15.11)
    deep_merge (1.2.2)
    diff-lcs (1.4.4)
    docker-api (2.2.0)
      excon (>= 0.47.0)
      multi_json
    domain_name (0.5.20190701)
      unf (>= 0.0.5, < 1.0.0)
    ed25519 (1.3.0)
    erubi (1.12.0)
    excon (0.100.0)
    facter (4.4.1)
      hocon (~> 1.3)
      thor (>= 1.0.1, < 2.0)
    facterdb (1.21.0)
      facter (< 5.0.0)
      jgrep
    faraday (1.10.3)
      faraday-em_http (~> 1.0)
      faraday-em_synchrony (~> 1.0)
      faraday-excon (~> 1.1)
      faraday-httpclient (~> 1.0)
      faraday-multipart (~> 1.0)
      faraday-net_http (~> 1.0)
      faraday-net_http_persistent (~> 1.0)
      faraday-patron (~> 1.0)
      faraday-rack (~> 1.0)
      faraday-retry (~> 1.0)
      ruby2_keywords (>= 0.0.4)
    faraday-em_http (1.0.0)
    faraday-em_synchrony (1.0.0)
    faraday-excon (1.1.0)
    faraday-httpclient (1.0.1)
    faraday-multipart (1.0.4)
      multipart-post (~> 2)
    faraday-net_http (1.0.1)
    faraday-net_http_persistent (1.2.0)
    faraday-patron (1.0.0)
    faraday-rack (1.0.0)
    faraday-retry (1.0.3)
    faraday_middleware (1.2.0)
      faraday (~> 1.0)
    fast_gettext (1.1.2)
    ffi (1.15.5)
    forwardable (1.3.3)
    gettext (3.4.4)
      erubi
      locale (>= 2.0.5)
      prime
      racc
      text (>= 1.3.0)
    gettext-setup (0.31)
      fast_gettext (~> 1.1.0)
      gettext (>= 3.0.2)
      locale
    hiera (3.12.0)
    hiera-puppet-helper (1.0.1)
    highline (2.1.0)
    hitimes (2.0.0)
    hocon (1.4.0)
    http-accept (1.7.0)
    http-cookie (1.0.5)
      domain_name (~> 0.5)
    httpclient (2.8.3)
    in-parallel (0.1.17)
    inifile (3.0.0)
    jgrep (1.5.4)
    json (2.6.3)
    json-schema (2.8.0)
      addressable (>= 2.4)
    json_pure (2.5.1)
    jwt (2.2.3)
    locale (2.1.3)
    log4r (1.1.10)
    metadata-json-lint (3.0.3)
      json-schema (>= 2.8, < 5.0)
      spdx-licenses (~> 1.0)
    method_source (1.0.0)
    mime-types (3.4.1)
      mime-types-data (~> 3.2015)
    mime-types-data (3.2023.0218.1)
    mini_portile2 (2.8.2)
    minitar (0.9)
    minitest (5.18.1)
    mocha (1.16.1)
    multi_json (1.15.0)
    multipart-post (2.3.0)
    net-scp (4.0.0)
      net-ssh (>= 2.6.5, < 8.0.0)
    net-ssh (7.1.0)
    net-telnet (0.1.1)
    netrc (0.11.0)
    nokogiri (1.15.3)
      mini_portile2 (~> 2.8.2)
      racc (~> 1.4)
    oga (3.4)
      ast
      ruby-ll (~> 2.1)
    pager (1.0.1)
    parallel (1.23.0)
    parallel_tests (2.24.0)
      parallel
    pastel (0.8.0)
      tty-color (~> 0.5)
    pathspec (0.2.1)
    pdk (2.6.1)
      bundler (>= 1.15.0, < 3.0.0)
      childprocess (~> 4.0.0)
      concurrent-ruby (~> 1.1.5)
      cri (~> 2.10)
      deep_merge (~> 1.1)
      diff-lcs (>= 1.4.4, < 1.5)
      facter (>= 2.5.1, < 5.0.0)
      ffi (>= 1.9.25, < 2.0.0)
      gettext-setup (~> 0.24)
      hitimes (= 2.0.0)
      httpclient (~> 2.8.3)
      json-schema (= 2.8.0)
      json_pure (~> 2.5.1)
      minitar (~> 0.6)
      pathspec (~> 0.2.1)
      tty-prompt (~> 0.22)
      tty-spinner (~> 0.5)
      tty-which (~> 0.3)
    prime (0.1.2)
      forwardable
      singleton
    pry (0.14.2)
      coderay (~> 1.1)
      method_source (~> 1.0)
    pry-byebug (3.10.1)
      byebug (~> 11.0)
      pry (>= 0.13, < 0.15)
    pry-doc (1.4.0)
      pry (~> 0.11)
      yard (~> 0.9.11)
    public_suffix (5.0.1)
    puppet (7.25.0)
      concurrent-ruby (~> 1.0)
      deep_merge (~> 1.0)
      facter (> 2.0.1, < 5)
      fast_gettext (>= 1.1, < 3)
      hiera (>= 3.2.1, < 4)
      locale (~> 2.1)
      multi_json (~> 1.10)
      puppet-resource_api (~> 1.5)
      scanf (~> 1.0)
      semantic_puppet (~> 1.0)
    puppet-blacksmith (7.0.0)
      puppet-modulebuilder (~> 1.0)
      rest-client (~> 2.0)
    puppet-lint (3.4.0)
    puppet-lint-optional_default-check (1.1.0)
      puppet-lint (>= 2.1, < 4)
    puppet-lint-params_empty_string-check (2.0.0)
      puppet-lint (>= 3, < 5)
    puppet-lint-trailing_comma-check (2.0.0)
      puppet-lint (>= 3, < 5)
    puppet-modulebuilder (1.0.0)
      minitar (~> 0.9)
      pathspec (>= 0.2.1, < 2.0.0)
    puppet-resource_api (1.8.14)
      hocon (>= 1.0)
    puppet-strings (4.1.0)
      rgen (~> 0.9)
      yard (~> 0.9)
    puppet-syntax (3.3.0)
      puppet (>= 5)
      rake
    puppet_forge (3.2.0)
      faraday (~> 1.3)
      faraday_middleware (~> 1.0)
      minitar
      semantic_puppet (~> 1.0)
    puppetlabs_spec_helper (6.0.1)
      mocha (~> 1.0)
      pathspec (>= 0.2, < 2.0.0)
      puppet-lint (>= 3.0.0)
      puppet-syntax (~> 3.0)
      rspec-github (~> 2.0)
      rspec-puppet (>= 2.0)
    r10k (3.15.4)
      colored2 (= 3.1.2)
      cri (>= 2.15.10)
      fast_gettext (>= 1.1.0, < 3.0.0)
      gettext (>= 3.0.2, < 4.0.0)
      gettext-setup (>= 0.24, < 2.0.0)
      jwt (~> 2.2.3)
      log4r (= 1.1.10)
      minitar (~> 0.9)
      multi_json (~> 1.10)
      puppet_forge (>= 2.3.0, < 4.0.0)
    racc (1.7.1)
    rake (12.3.3)
    rest-client (2.1.0)
      http-accept (>= 1.7.0, < 2.0)
      http-cookie (>= 1.0.2, < 2.0)
      mime-types (>= 1.16, < 4.0)
      netrc (~> 0.8)
    rexml (3.2.5)
    rgen (0.9.1)
    rspec (3.12.0)
      rspec-core (~> 3.12.0)
      rspec-expectations (~> 3.12.0)
      rspec-mocks (~> 3.12.0)
    rspec-core (3.12.2)
      rspec-support (~> 3.12.0)
    rspec-expectations (3.12.3)
      diff-lcs (>= 1.2.0, < 2.0)
      rspec-support (~> 3.12.0)
    rspec-github (2.4.0)
      rspec-core (~> 3.0)
    rspec-its (1.3.0)
      rspec-core (>= 3.0.0)
      rspec-expectations (>= 3.0.0)
    rspec-mocks (3.12.5)
      diff-lcs (>= 1.2.0, < 2.0)
      rspec-support (~> 3.12.0)
    rspec-puppet (3.0.0)
      rspec
    rspec-puppet-facts (2.0.5)
      facter
      facterdb (>= 0.5.0)
      puppet
    rspec-support (3.12.1)
    rsync (1.0.9)
    ruby-ll (2.1.3)
      ansi
      ast
    ruby-progressbar (1.13.0)
    ruby2_keywords (0.0.5)
    scanf (1.0.0)
    semantic_puppet (1.1.0)
    serverspec (2.42.2)
      multi_json
      rspec (~> 3.0)
      rspec-its
      specinfra (~> 2.72)
    sfl (2.3)
    simp-beaker-helpers (1.29.0)
      beaker (>= 4.17.0, < 5.0.0)
      beaker-docker (>= 0.8.3, < 2.0.0)
      beaker-puppet (>= 1.18.14, < 2.0.0)
      beaker-rspec (~> 7.1)
      beaker-vagrant (>= 0.6.4, < 2.0.0)
      docker-api (>= 2.1.0, < 3.0.0)
      highline (~> 2.0)
      nokogiri (~> 1.8)
    simp-rake-helpers (5.20.0)
      bundler (>= 1.14, < 3.0)
      metadata-json-lint (>= 1.2, < 4.0)
      pager (~> 1.0)
      parallel (~> 1.0)
      parallel_tests (> 2.4, < 2.25)
      puppet (>= 3.0, < 9.0)
      puppet-blacksmith (>= 3.3.0, < 8.0)
      puppet-lint (>= 1.0, < 5.0)
      puppet-lint-optional_default-check (>= 1.0, < 2.0)
      puppet-lint-params_empty_string-check (>= 1.0, < 3.0)
      puppetlabs_spec_helper (~> 6.0)
      r10k (>= 2.2, < 4.0)
      rake (>= 10.0, < 13.0)
      ruby-progressbar (~> 1.0)
      simp-beaker-helpers (~> 1.24)
      simp-rspec-puppet-facts (>= 2.4.1, < 4.0)
    simp-rspec-puppet-facts (3.6.3)
      facter (>= 2.5.0, < 5.0)
      json (>= 1.0)
      rspec-puppet-facts
    singleton (0.1.1)
    spdx-licenses (1.3.0)
    specinfra (2.86.0)
      net-scp
      net-ssh (>= 2.7)
      net-telnet (= 0.1.1)
      sfl
    stringify-hash (0.0.2)
    text (1.3.1)
    thor (1.2.2)
    tty-color (0.6.0)
    tty-cursor (0.7.1)
    tty-prompt (0.23.1)
      pastel (~> 0.8)
      tty-reader (~> 0.8)
    tty-reader (0.9.0)
      tty-cursor (~> 0.7)
      tty-screen (~> 0.8)
      wisper (~> 2.0)
    tty-screen (0.8.1)
    tty-spinner (0.9.3)
      tty-cursor (~> 0.7)
    tty-which (0.5.0)
    unf (0.1.4)
      unf_ext
    unf_ext (0.0.8.2)
    wisper (2.0.1)
    yard (0.9.34)

PLATFORMS
  ruby

DEPENDENCIES
  bcrypt_pbkdf
  beaker
  beaker-rspec
  hiera-puppet-helper
  metadata-json-lint
  pdk (~> 2.0)
  pry
  pry-byebug
  pry-doc
  puppet (~> 7)
  puppet-lint-trailing_comma-check
  puppet-strings
  puppetlabs_spec_helper
  rake
  rspec
  rspec-puppet
  simp-beaker-helpers (>= 1.28.0, < 2)
  simp-rake-helpers (>= 5.12.1, < 6)
  simp-rspec-puppet-facts (~> 3.1)

BUNDLED WITH
   2.1.4
